NUGET
  remote: https://api.nuget.org/v3/index.json
    FAKE (4.64.4)
    Halite (1.1.42)
      JetBrains.Annotations (>= 11.1)
      Newtonsoft.Json (>= 6.0.8)
    JetBrains.Annotations (11.1) - restriction: >= net45
    Newtonsoft.Json (6.0.8) - restriction: >= net45
    Shouldly (2.8.3) - restriction: >= net45
    xunit (2.1) - restriction: >= net45
      xunit.assert (2.1)
      xunit.core (2.1)
    xunit.abstractions (2.0) - restriction: >= net45
    xunit.assert (2.1) - restriction: >= net45
    xunit.core (2.1) - restriction: >= net45
      xunit.extensibility.core (2.1) - restriction: || (>= dnx451) (>= dnxcore50) (>= portable-net45+win8+wp8+wpa81)
      xunit.extensibility.execution (2.1) - restriction: || (>= dnx451) (>= dnxcore50) (>= portable-net45+win8+wp8+wpa81)
    xunit.extensibility.core (2.1) - restriction: >= net45
      xunit.abstractions (2.0)
    xunit.extensibility.execution (2.1) - restriction: >= net45
      xunit.extensibility.core (2.1) - restriction: || (>= dnx451) (>= dnxcore50) (>= monoandroid) (>= monotouch) (>= net45) (>= win8) (>= wp8) (>= wpa81) (>= xamarinios)
    xunit.runner.console (2.1) - restriction: >= net45
    xunit.runner.visualstudio (2.1.0) - version_in_path: true
